GEM
  remote: http://rubygems.org/
  specs:
    POpen4 (0.1.4)
      Platform (>= 0.4.0)
      open4
    Platform (0.4.0)
    addressable (2.2.6)
    cri (2.0.2)
    em-websocket (0.3.1)
      addressable (>= 2.1.1)
      eventmachine (>= 0.12.9)
    eventmachine (0.12.10)
    guard (0.8.4)
      thor (~> 0.14.6)
    guard-livereload (0.3.1)
      em-websocket (>= 0.2.0)
      guard (>= 0.4.0)
      multi_json (~> 1.0.3)
    httpclient (2.2.1)
    json (1.6.1)
    less (2.0.7)
      therubyracer (~> 0.9.2)
    libv8 (3.3.10.2)
    lorem (0.1.2)
    mime-types (1.16)
    multi_json (1.0.3)
    nanoc (3.2.2)
      nanoc3 (>= 3.2.2)
    nanoc3 (3.2.2)
      cri (~> 2.0)
    open4 (1.2.0)
    rack (1.3.4)
    rake (0.9.2)
    rb-fsevent (0.4.3.1)
    smusher (0.4.8)
      httpclient (>= 2.2)
      json
      rake
    therubyracer (0.9.8)
      libv8 (~> 3.3.10)
    thor (0.14.6)
    yui-compressor (0.9.6)
      POpen4 (>= 0.1.4)

PLATFORMS
  ruby

DEPENDENCIES
  guard
  guard-livereload
  less
  lorem
  mime-types
  nanoc
  rack
  rb-fsevent
  smusher
  yui-compressor
